PATH
  remote: .
  specs:
    html_fn (0.3.0)
      fn_reader

GEM
  remote: https://rubygems.org/
  specs:
    fn_reader (0.1.0)
    minitest (5.11.3)
    rake (10.5.0)

PLATFORMS
  ruby

DEPENDENCIES
  bundler (~> 1.17)
  html_fn!
  minitest (~> 5.0)
  rake (~> 10.0)

BUNDLED WITH
   1.17.2
